GIT
  remote: https://github.com/gazay/gon.git
  revision: 147b3b57a60050932e90f8df275dd9f297859e4b
  specs:
    gon (3.0.4)
      actionpack (>= 2.3.0)
      json

GIT
  remote: https://github.com/jejacks0n/mercury.git
  revision: 6d9c99fe20958ed87e4f1a05e9de19825af702ef
  ref: 6d9c99fe20958ed87e4f1a05e9de19825af702ef
  specs:
    mercury-rails (0.3.1)
      coffee-script
      paperclip (>= 2.5.2)
      rails (>= 3.1.0)

GEM
  remote: http://rubygems.org/
  specs:
    actionmailer (3.1.3)
      actionpack (= 3.1.3)
      mail (~> 2.3.0)
    actionpack (3.1.3)
      activemodel (= 3.1.3)
      activesupport (= 3.1.3)
      builder (~> 3.0.0)
      erubis (~> 2.7.0)
      i18n (~> 0.6)
      rack (~> 1.3.5)
      rack-cache (~> 1.1)
      rack-mount (~> 0.8.2)
      rack-test (~> 0.6.1)
      sprockets (~> 2.0.3)
    activemodel (3.1.3)
      activesupport (= 3.1.3)
      builder (~> 3.0.0)
      i18n (~> 0.6)
    activerecord (3.1.3)
      activemodel (= 3.1.3)
      activesupport (= 3.1.3)
      arel (~> 2.2.1)
      tzinfo (~> 0.3.29)
    activeresource (3.1.3)
      activemodel (= 3.1.3)
      activesupport (= 3.1.3)
    activesupport (3.1.3)
      multi_json (~> 1.0)
    acts_as_tree (0.2.0)
    arel (2.2.3)
    awesome_nested_set (2.1.3)
      activerecord (>= 3.0.0)
    best_in_place (1.0.6)
      jquery-rails
      rails (~> 3.1)
    builder (3.0.0)
    chosen-rails (0.9.8)
      railties (~> 3.0)
      thor (~> 0.14)
    client_side_validations (3.1.4)
    cocaine (0.2.1)
    coffee-rails (3.1.1)
      coffee-script (>= 2.2.0)
      railties (~> 3.1.0)
    coffee-script (2.2.0)
      coffee-script-source
      execjs
    coffee-script-source (1.2.0)
    daemons (1.1.8)
    erubis (2.7.0)
    event-calendar (2.3.3)
    eventmachine (0.12.8)
    execjs (1.3.0)
      multi_json (~> 1.0)
    faker (0.3.1)
    formtastic (2.0.0)
      rails (~> 3.0)
    gravatar_image_tag (0.1.0)
    hike (1.2.1)
    i18n (0.6.0)
    jquery-rails (1.0.19)
      railties (~> 3.0)
      thor (~> 0.14)
    json (1.6.5)
    mail (2.3.3)
      i18n (>= 0.4.0)
      mime-types (~> 1.16)
      treetop (~> 1.4.8)
    meta_search (1.1.3)
      actionpack (~> 3.1)
      activerecord (~> 3.1)
      activesupport (~> 3.1)
      polyamorous (~> 0.5.0)
    mime-types (1.18)
    multi_json (1.1.0)
    nokogiri (1.5.2-x86-mingw32)
    paperclip (3.0.3)
      activemodel (>= 3.0.0)
      activerecord (>= 3.0.0)
      activesupport (>= 3.0.0)
      cocaine (>= 0.0.2)
      mime-types
    pg (0.13.2-x86-mingw32)
    polyamorous (0.5.0)
      activerecord (~> 3.0)
    polyglot (0.3.3)
    rabl (0.6.10)
      activesupport (>= 2.3.14)
      multi_json (~> 1.0)
    rack (1.3.6)
    rack-cache (1.2)
      rack (>= 0.4)
    rack-mount (0.8.3)
      rack (>= 1.0.0)
    rack-ssl (1.3.2)
      rack
    rack-test (0.6.1)
      rack (>= 1.0)
    rails (3.1.3)
      actionmailer (= 3.1.3)
      actionpack (= 3.1.3)
      activerecord (= 3.1.3)
      activeresource (= 3.1.3)
      activesupport (= 3.1.3)
      bundler (~> 1.0)
      railties (= 3.1.3)
    railties (3.1.3)
      actionpack (= 3.1.3)
      activesupport (= 3.1.3)
      rack-ssl (~> 1.3.2)
      rake (>= 0.8.7)
      rdoc (~> 3.4)
      thor (~> 0.14.6)
    rake (0.9.2.2)
    rdoc (3.12)
      json (~> 1.4)
    sass (3.1.15)
    sass-rails (3.1.6)
      actionpack (~> 3.1.0)
      railties (~> 3.1.0)
      sass (>= 3.1.10)
      tilt (~> 1.3.2)
    sprockets (2.0.3)
      hike (~> 1.2)
      rack (~> 1.0)
      tilt (~> 1.1, != 1.3.0)
    sqlite3 (1.3.4-x86-mingw32)
    thin (1.3.1)
      daemons (>= 1.0.9)
      eventmachine (>= 0.12.6)
      rack (>= 1.0.0)
    thor (0.14.6)
    tilt (1.3.3)
    treetop (1.4.10)
      polyglot
      polyglot (>= 0.3.1)
    tzinfo (0.3.32)
    uglifier (1.2.3)
      execjs (>= 0.3.0)
      multi_json (>= 1.0.2)
    will_paginate (3.0.pre2)

PLATFORMS
  x86-mingw32

DEPENDENCIES
  acts_as_tree (~> 0.2.0)
  awesome_nested_set
  best_in_place
  chosen-rails
  client_side_validations
  coffee-rails (~> 3.1.1)
  event-calendar
  execjs
  faker (= 0.3.1)
  formtastic (= 2.0.0)
  gon!
  gravatar_image_tag (= 0.1.0)
  jquery-rails
  mercury-rails!
  meta_search
  nokogiri
  paperclip (~> 3.0)
  pg (~> 0.13.2)
  rabl
  rails (= 3.1.3)
  sass-rails (~> 3.1.5)
  sqlite3 (= 1.3.4)
  thin
  uglifier (>= 1.0.3)
  will_paginate (= 3.0.pre2)
